GEM
  remote: https://rubygems.org/
  specs:
    eventmachine (1.0.9)
    ffi (1.9.18)
    httpclient (2.8.3)
    pi_piper (2.0.0)
      eventmachine (= 1.0.9)
      ffi

PLATFORMS
  ruby

DEPENDENCIES
  httpclient
  pi_piper

BUNDLED WITH
   1.14.6
