GEM
  remote: https://rubygems.org/
  specs:
    atk (3.1.6)
      glib2 (= 3.1.6)
    ble (0.1.0)
      ruby-dbus
    cairo (1.15.9)
      native-package-installer (>= 1.0.3)
      pkg-config (>= 1.2.2)
    cairo-gobject (3.1.6)
      cairo
      glib2 (= 3.1.6)
    eventmachine (1.0.9)
    ffi (1.9.18)
    gdk_pixbuf2 (3.1.6)
      gio2 (= 3.1.6)
    gio2 (3.1.6)
      glib2 (= 3.1.6)
      gobject-introspection (= 3.1.6)
    glib2 (3.1.6)
      native-package-installer (>= 1.0.3)
      pkg-config (>= 1.2.2)
    gobject-introspection (3.1.6)
      glib2 (= 3.1.6)
    gtk2 (3.1.6)
      atk (= 3.1.6)
      gdk_pixbuf2 (= 3.1.6)
      pango (= 3.1.6)
    httpclient (2.8.3)
    mqtt (0.5.0)
    native-package-installer (1.0.4)
    pango (3.1.6)
      cairo (>= 1.14.0)
      cairo-gobject (= 3.1.6)
      gobject-introspection (= 3.1.6)
    pi_piper (2.0.0)
      eventmachine (= 1.0.9)
      ffi
    pkg-config (1.2.3)
    rake (12.0.0)
    ruby-dbus (0.13.0)
    wiringpi2 (2.0.1)

PLATFORMS
  ruby

DEPENDENCIES
  atk
  ble
  gtk2
  httpclient
  mqtt
  pi_piper
  rake
  ruby-dbus
  wiringpi2

BUNDLED WITH
   1.14.6
